GEM
  remote: https://rubygems.org/
  specs:
    Otohatiyau (0.0.2)
    Untoutiyaumahe (0.0.2)
    power_assert (1.1.3)
    test-unit (3.2.8)
      power_assert

PLATFORMS
  ruby

DEPENDENCIES
  Otohatiyau
  Untoutiyaumahe
  test-unit

BUNDLED WITH
   1.16.1
